GEM
  remote: https://rubygems.org/
  specs:
    ParseTree (3.0.9)
      RubyInline (~> 3.9.0)
      sexp_processor (~> 3.2.0)
    RubyInline (3.9.0)
      ZenTest (~> 4.3)
    ZenTest (4.8.2)
    addressable (2.2.8)
    backports (2.6.2)
    bcrypt-ruby (3.0.1)
    capybara (1.1.2)
      mime-types (>= 1.16)
      nokogiri (>= 1.3.3)
      rack (>= 1.0.0)
      rack-test (>= 0.5.4)
      selenium-webdriver (~> 2.0)
      xpath (~> 0.1.4)
    childprocess (0.3.4)
      ffi (~> 1.0, >= 1.0.6)
    commonjs (0.2.6)
    daemons (1.1.8)
    data_mapper (1.2.0)
      dm-aggregates (~> 1.2.0)
      dm-constraints (~> 1.2.0)
      dm-core (~> 1.2.0)
      dm-migrations (~> 1.2.0)
      dm-serializer (~> 1.2.0)
      dm-timestamps (~> 1.2.0)
      dm-transactions (~> 1.2.0)
      dm-types (~> 1.2.0)
      dm-validations (~> 1.2.0)
    data_objects (0.10.8)
      addressable (~> 2.1)
    diff-lcs (1.1.3)
    dm-aggregates (1.2.0)
      dm-core (~> 1.2.0)
    dm-constraints (1.2.0)
      dm-core (~> 1.2.0)
    dm-core (1.2.0)
      addressable (~> 2.2.6)
    dm-do-adapter (1.2.0)
      data_objects (~> 0.10.6)
      dm-core (~> 1.2.0)
    dm-migrations (1.2.0)
      dm-core (~> 1.2.0)
    dm-postgres-adapter (1.2.0)
      dm-do-adapter (~> 1.2.0)
      do_postgres (~> 0.10.6)
    dm-serializer (1.2.1)
      dm-core (~> 1.2.0)
      fastercsv (~> 1.5.4)
      json (~> 1.6.1)
      json_pure (~> 1.6.1)
      multi_json (~> 1.0.3)
    dm-sqlite-adapter (1.2.0)
      dm-do-adapter (~> 1.2.0)
      do_sqlite3 (~> 0.10.6)
    dm-sweatshop (1.2.0)
      ParseTree (~> 3.0.7)
      dm-core (~> 1.2.0)
      randexp (~> 0.1.5)
    dm-timestamps (1.2.0)
      dm-core (~> 1.2.0)
    dm-transactions (1.2.0)
      dm-core (~> 1.2.0)
    dm-types (1.2.1)
      bcrypt-ruby (~> 3.0.0)
      dm-core (~> 1.2.0)
      fastercsv (~> 1.5.4)
      json (~> 1.6.1)
      multi_json (~> 1.0.3)
      stringex (~> 1.3.0)
      uuidtools (~> 2.1.2)
    dm-validations (1.2.0)
      dm-core (~> 1.2.0)
    do_postgres (0.10.8)
      data_objects (= 0.10.8)
    do_sqlite3 (0.10.8)
      data_objects (= 0.10.8)
    eventmachine (0.12.10)
    fastercsv (1.5.5)
    ffi (1.1.3)
    hashie (1.2.0)
    jsmin (1.0.1)
    json (1.6.7)
    json_pure (1.6.7)
    less (2.2.1)
      commonjs (~> 0.2.6)
    libv8 (3.3.10.4)
    libwebsocket (0.1.5)
      addressable
    mime-types (1.19)
    multi_json (1.0.4)
    nokogiri (1.5.5)
    omniauth (1.1.0)
      hashie (~> 1.2)
      rack
    omniauth-identity (1.1.0)
      bcrypt-ruby (~> 3.0)
      omniauth (~> 1.0)
    omniauth-openid (1.0.1)
      omniauth (~> 1.0)
      rack-openid (~> 1.3.1)
    pg (0.10.0)
    rack (1.4.1)
    rack-openid (1.3.1)
      rack (>= 1.1.0)
      ruby-openid (>= 2.1.8)
    rack-protection (1.2.0)
      rack
    rack-test (0.6.1)
      rack (>= 1.0)
    randexp (0.1.7)
    rspec (2.11.0)
      rspec-core (~> 2.11.0)
      rspec-expectations (~> 2.11.0)
      rspec-mocks (~> 2.11.0)
    rspec-core (2.11.1)
    rspec-expectations (2.11.2)
      diff-lcs (~> 1.1.3)
    rspec-mocks (2.11.1)
    ruby-openid (2.2.0)
    rubyzip (0.9.9)
    selenium-webdriver (2.25.0)
      childprocess (>= 0.2.5)
      libwebsocket (~> 0.1.3)
      multi_json (~> 1.0)
      rubyzip
    sexp_processor (3.2.0)
    sinatra (1.3.2)
      rack (~> 1.3, >= 1.3.6)
      rack-protection (~> 1.2)
      tilt (~> 1.3, >= 1.3.3)
    sinatra-assetpack (0.0.11)
      jsmin
      rack-test
      sinatra
      tilt (>= 1.3.0)
    sinatra-contrib (1.3.1)
      backports (>= 2.0)
      eventmachine
      rack-protection
      rack-test
      sinatra (~> 1.3.0)
      tilt (~> 1.3)
    stringex (1.3.3)
    therubyracer (0.10.1)
      libv8 (~> 3.3.10)
    thin (1.4.1)
      daemons (>= 1.0.9)
      eventmachine (>= 0.12.6)
      rack (>= 1.0.0)
    tilt (1.3.3)
    uuidtools (2.1.3)
    xpath (0.1.4)
      nokogiri (~> 1.3)

PLATFORMS
  ruby

DEPENDENCIES
  capybara
  data_mapper
  dm-postgres-adapter
  dm-sqlite-adapter
  dm-sweatshop
  json (~> 1.6.1)
  less
  omniauth
  omniauth-identity
  omniauth-openid
  pg (= 0.10.0)
  rspec
  sinatra
  sinatra-assetpack
  sinatra-contrib
  therubyracer
  thin
